PATH
  remote: .
  specs:
    my_gem (0.1.0)

GEM
  remote: https://rubygems.org/
  specs:
    bundle (0.0.1)
      bundler
    diff-lcs (1.4.4)
    rake (13.0.3)
    rspec (3.10.0)
      rspec-core (~> 3.10.0)
      rspec-expectations (~> 3.10.0)
      rspec-mocks (~> 3.10.0)
    rspec-core (3.10.1)
      rspec-support (~> 3.10.0)
    rspec-expectations (3.10.1)
      diff-lcs (>= 1.2.0, < 2.0)
      rspec-support (~> 3.10.0)
    rspec-mocks (3.10.2)
      diff-lcs (>= 1.2.0, < 2.0)
      rspec-support (~> 3.10.0)
    rspec-support (3.10.2)

PLATFORMS
  x64-mingw32

DEPENDENCIES
  bundle
  my_gem!
  rake (~> 13.0)
  rspec (~> 3.0)

BUNDLED WITH
   2.2.11
